GEM
  remote: https://rubygems.org/
  specs:
    bindata (2.5.0)
    coderay (1.1.3)
    diff-lcs (1.5.1)
    method_source (1.1.0)
    pry (0.14.2)
      coderay (~> 1.1)
      method_source (~> 1.0)
    rexml (3.3.2)
      strscan
    rspec (3.13.0)
      rspec-core (~> 3.13.0)
      rspec-expectations (~> 3.13.0)
      rspec-mocks (~> 3.13.0)
    rspec-core (3.13.0)
      rspec-support (~> 3.13.0)
    rspec-expectations (3.13.0)
      diff-lcs (>= 1.2.0, < 2.0)
      rspec-support (~> 3.13.0)
    rspec-mocks (3.13.1)
      diff-lcs (>= 1.2.0, < 2.0)
      rspec-support (~> 3.13.0)
    rspec-support (3.13.1)
    strscan (3.1.0)

PLATFORMS
  ruby

DEPENDENCIES
  bindata
  pry
  rexml
  rspec

BUNDLED WITH
   2.5.9
